GEM
  remote: http://rubygems.org/
  specs:
    diff-lcs (1.1.3)
    git (1.2.5)
    growl (1.0.3)
    guard (0.8.8)
      thor (~> 0.14.6)
    guard-rspec (0.5.2)
      guard (>= 0.8.4)
    jeweler (1.8.3)
      bundler (~> 1.0)
      git (>= 1.2.5)
      rake
      rdoc
    json (1.6.6)
    multi_json (1.2.0)
    nokogiri (1.5.2)
    rake (0.9.2.2)
    rb-fsevent (0.9.0)
    rdoc (3.12)
      json (~> 1.4)
    rspec (2.9.0)
      rspec-core (~> 2.9.0)
      rspec-expectations (~> 2.9.0)
      rspec-mocks (~> 2.9.0)
    rspec-core (2.9.0)
    rspec-expectations (2.9.0)
      diff-lcs (~> 1.1.3)
    rspec-mocks (2.9.0)
    rubyzip (0.9.6.1)
    simplecov (0.6.1)
      multi_json (~> 1.0)
      simplecov-html (~> 0.5.3)
    simplecov-html (0.5.3)
    thor (0.14.6)
    yard (0.7.5)

PLATFORMS
  ruby

DEPENDENCIES
  bundler (~> 1.1.3)
  growl
  guard
  guard-rspec
  jeweler (~> 1.8.3)
  nokogiri (~> 1.5.2)
  rb-fsevent
  rspec (~> 2.9.0)
  rubyzip (~> 0.9.6)
  simplecov
  yard (~> 0.7.5)
