GEM
  remote: http://rubygems.org/
  specs:
    diff-lcs (1.1.3)
    git (1.2.5)
    jeweler (1.8.3)
      bundler (~> 1.0)
      git (>= 1.2.5)
      rake
      rdoc
    json (1.6.6)
    nokogiri (1.5.4)
    rake (0.9.2.2)
    rdoc (3.12)
      json (~> 1.4)
    redcarpet (2.2.2)
    rspec (2.10.0)
      rspec-core (~> 2.10.0)
      rspec-expectations (~> 2.10.0)
      rspec-mocks (~> 2.10.0)
    rspec-core (2.10.1)
    rspec-expectations (2.10.0)
      diff-lcs (~> 1.1.3)
    rspec-mocks (2.10.1)
    rubyzip (0.9.9)
    yard (0.8.2.1)

PLATFORMS
  ruby

DEPENDENCIES
  jeweler (~> 1.8.3)
  nokogiri (>= 1.4.2)
  redcarpet
  rspec (~> 2.10.0)
  rubyzip (~> 0.9.9)
  yard (~> 0.8.1)
